GEM
  remote: https://rubygems.org/
  specs:
    CFPropertyList (2.2.8)
    diff-lcs (1.3)
    facter (2.4.6)
      CFPropertyList (~> 2.2.6)
    facterdb (0.3.9)
      facter
      jgrep
    fast_gettext (1.1.0)
    gettext (3.2.2)
      locale (>= 2.0.5)
      text (>= 1.3.0)
    gettext-setup (0.13)
      fast_gettext (~> 1.1.0)
      gettext (>= 3.0.2)
      locale
    hiera (1.3.4)
      json_pure
    jgrep (1.4.1)
      json
    json (2.0.3)
    json_pure (2.0.3)
    locale (2.1.2)
    mcollective-client (2.9.1)
      json
      stomp
      systemu
    metaclass (0.0.4)
    metadata-json-lint (1.0.0)
      json
      semantic_puppet (>= 0.1.2, < 2.0.0)
      spdx-licenses (~> 1.0)
    mocha (1.2.1)
      metaclass (~> 0.0.1)
    puppet (3.8.7)
      facter (> 1.6, < 3)
      hiera (~> 1.0)
      json_pure
    puppet-lint (2.1.1)
    puppet-syntax (2.3.0)
      rake
    puppetlabs_spec_helper (2.0.1)
      mocha (~> 1.0)
      puppet-lint (~> 2.0)
      puppet-syntax (~> 2.0)
      rspec-puppet (~> 2.0)
    rake (10.5.0)
    rspec (3.1.0)
      rspec-core (~> 3.1.0)
      rspec-expectations (~> 3.1.0)
      rspec-mocks (~> 3.1.0)
    rspec-core (3.1.7)
      rspec-support (~> 3.1.0)
    rspec-expectations (3.1.2)
      diff-lcs (>= 1.2.0, < 2.0)
      rspec-support (~> 3.1.0)
    rspec-mocks (3.1.3)
      rspec-support (~> 3.1.0)
    rspec-puppet (2.5.0)
      rspec
    rspec-puppet-facts (1.7.1)
      facter
      facterdb (>= 0.3.0)
      json
      mcollective-client
      puppet
    rspec-puppet-utils (3.1.0)
      mocha
      puppet (>= 3)
      puppetlabs_spec_helper
      rspec
      rspec-puppet
    rspec-support (3.1.2)
    safe_yaml (1.0.4)
    semantic_puppet (0.1.4)
      gettext-setup (>= 0.3)
    spdx-licenses (1.1.0)
    stomp (1.4.3)
    systemu (2.6.5)
    text (1.3.1)

PLATFORMS
  ruby

DEPENDENCIES
  metadata-json-lint
  puppet (~> 3.8.0)
  puppetlabs_spec_helper
  rake (< 11)
  rspec (< 3.2.0)
  rspec-puppet
  rspec-puppet-facts
  rspec-puppet-utils
  safe_yaml

BUNDLED WITH
   1.13.7
